GEM
  remote: https://rubygems.org/
  specs:
    addressable (2.8.7)
      public_suffix (>= 2.0.2, < 7.0)
    base64 (0.3.0)
    concurrent-ruby (1.3.5)
    diff-lcs (1.6.2)
    i18n (1.14.7)
      concurrent-ruby (~> 1.0)
    json (2.13.2)
    jwt (2.10.2)
      base64
    nio4r (2.7.4)
    public_suffix (6.0.2)
    puma (6.6.1)
      nio4r (~> 2.0)
    rack (3.2.0)
    rack-session (2.1.1)
      base64 (>= 0.1.0)
      rack (>= 3.0.0)
    rack-test (2.2.0)
      rack (>= 1.3)
    rspec (3.13.1)
      rspec-core (~> 3.13.0)
      rspec-expectations (~> 3.13.0)
      rspec-mocks (~> 3.13.0)
    rspec-core (3.13.5)
      rspec-support (~> 3.13.0)
    rspec-expectations (3.13.5)
      diff-lcs (>= 1.2.0, < 2.0)
      rspec-support (~> 3.13.0)
    rspec-mocks (3.13.5)
      diff-lcs (>= 1.2.0, < 2.0)
      rspec-support (~> 3.13.0)
    rspec-support (3.13.4)

PLATFORMS
  aarch64-linux
  ruby

DEPENDENCIES
  addressable (~> 2.8)
  i18n (~> 1.14)
  json (~> 2.7)
  jwt (~> 2.7)
  puma (~> 6.6)
  rack (~> 3.2)
  rack-session (~> 2.1)
  rack-test (~> 2.1)
  rspec (~> 3.13)

RUBY VERSION
   ruby 3.4.5p51

BUNDLED WITH
   2.6.9
