GEM
  remote: https://rubygems.org/
  specs:
    concurrent-ruby (1.3.5)
    ffi (1.17.2)
    json (2.13.2)
    listen (3.9.0)
      rb-fsevent (~> 0.10, >= 0.10.3)
      rb-inotify (~> 0.9, >= 0.9.10)
    nio4r (2.7.4)
    puma (6.6.1)
      nio4r (~> 2.0)
    rack (3.2.0)
    rb-fsevent (0.11.2)
    rb-inotify (0.11.1)
      ffi (~> 1.0)
    rerun (0.14.0)
      listen (~> 3.0)

PLATFORMS
  aarch64-linux
  ruby

DEPENDENCIES
  concurrent-ruby (~> 1.3)
  json (~> 2.8)
  listen (~> 3.9)
  puma (~> 6.6)
  rack (~> 3.2)
  rerun (~> 0.14)

RUBY VERSION
   ruby 3.4.5p51

BUNDLED WITH
   2.6.9
